GEM
  remote: http://rubygems.org/
  specs:
    ZenTest (4.5.0)
    columnize (0.3.2)
    diff-lcs (1.1.2)
    jsmin (1.0.1)
    linecache (0.43)
    rake (0.9.2)
    rspec (2.6.0)
      rspec-core (~> 2.6.0)
      rspec-expectations (~> 2.6.0)
      rspec-mocks (~> 2.6.0)
    rspec-core (2.6.4)
    rspec-expectations (2.6.0)
      diff-lcs (~> 1.1.2)
    rspec-mocks (2.6.0)
    ruby-debug (0.10.4)
      columnize (>= 0.1)
      ruby-debug-base (~> 0.10.4.0)
    ruby-debug-base (0.10.4)
      linecache (>= 0.3)

PLATFORMS
  ruby

DEPENDENCIES
  ZenTest
  bundler
  diff-lcs
  jsmin
  rake
  rspec
  ruby-debug
